GEM
  remote: https://rubygems.org/
  specs:
    activemodel (3.2.12)
      activesupport (= 3.2.12)
      builder (~> 3.0.0)
    activesupport (3.2.12)
      i18n (~> 0.6)
      multi_json (~> 1.0)
    ansi (1.4.3)
    bson (1.8.2)
    bson_ext (1.8.2)
      bson (~> 1.8.2)
    builder (3.0.4)
    hashie (1.2.0)
    i18n (0.6.1)
    metaclass (0.0.1)
    minitest (4.6.0)
    minitest-reporters (0.14.7)
      ansi
      builder
      minitest (>= 2.12, < 5.0)
      powerbar
    mocha (0.13.2)
      metaclass (~> 0.0.1)
    mongoid (3.1.0)
      activemodel (~> 3.2)
      moped (~> 1.4.2)
      origin (~> 1.0)
      tzinfo (~> 0.3.22)
    moped (1.4.2)
    multi_json (1.6.0)
    origin (1.0.11)
    powerbar (1.0.11)
      ansi (~> 1.4.0)
      hashie (>= 1.1.0)
    rake (0.9.2.2)
    tzinfo (0.3.35)

PLATFORMS
  ruby

DEPENDENCIES
  activesupport
  bson_ext
  minitest-reporters
  mocha
  mongoid (~> 3.1.0)
  rake
